GEM
  remote: https://rubygems.org/
  specs:
    aws-eventstream (1.2.0)
    aws-partitions (1.777.0)
    aws-sdk-cloudwatch (1.74.0)
      aws-sdk-core (~> 3, >= 3.174.0)
      aws-sigv4 (~> 1.1)
    aws-sdk-core (3.174.0)
      aws-eventstream (~> 1, >= 1.0.2)
      aws-partitions (~> 1, >= 1.651.0)
      aws-sigv4 (~> 1.5)
      jmespath (~> 1, >= 1.6.1)
    aws-sdk-kms (1.66.0)
      aws-sdk-core (~> 3, >= 3.174.0)
      aws-sigv4 (~> 1.1)
    aws-sdk-s3 (1.123.1)
      aws-sdk-core (~> 3, >= 3.174.0)
      aws-sdk-kms (~> 1)
      aws-sigv4 (~> 1.4)
    aws-sdk-sts (1.10.0)
      aws-sdk-core (~> 3, >= 3.110.0)
      aws-sigv4 (~> 1.1)
    aws-sigv4 (1.5.2)
      aws-eventstream (~> 1, >= 1.0.2)
    jmespath (1.6.2)
    nokogiri (1.15.2-arm64-darwin)
      racc (~> 1.4)
    racc (1.7.0)

PLATFORMS
  arm64-darwin-22

DEPENDENCIES
  aws-sdk-cloudwatch (~> 1)
  aws-sdk-s3 (~> 1)
  aws-sdk-sts (~> 1)
  nokogiri

RUBY VERSION
   ruby 3.0.2p107

BUNDLED WITH
   2.4.13
